PATH
  remote: .
  specs:
    jruby_sandbox (0.1.4)
      fakefs

GEM
  remote: http://rubygems.org/
  specs:
    diff-lcs (1.1.3)
    fakefs (0.4.2)
    rake (0.9.2)
    rake-compiler (0.7.9)
      rake
    rspec (2.12.0)
      rspec-core (~> 2.12.0)
      rspec-expectations (~> 2.12.0)
      rspec-mocks (~> 2.12.0)
    rspec-core (2.12.2)
    rspec-expectations (2.12.1)
      diff-lcs (~> 1.1.3)
    rspec-mocks (2.12.1)
    yard (0.7.2)

PLATFORMS
  java
  ruby

DEPENDENCIES
  fakefs (~> 0.4)
  jruby_sandbox!
  rake
  rake-compiler
  rspec (~> 2.12)
  yard
